GIT
  remote: https://github.com/cloudfoundry/warden.git
  revision: ee3affa2bb73bc4fde82e01b2586aca4de8ea6db
  specs:
    em-warden-client (0.1.2)
      eventmachine
      warden-client
      warden-protocol (>= 0.0.9)
    warden-client (0.1.0)
      warden-protocol (~> 0.1.0)
    warden-protocol (0.1.5)
      beefcake (~> 0.3.0)

GIT
  remote: https://github.com/intridea/grape.git
  revision: b59999dcbcd131d51de45f2617086b5191eb87e6
  specs:
    grape (0.11.1)
      activesupport
      builder
      hashie (>= 2.1.0)
      multi_json (>= 1.3.2)
      multi_xml (>= 0.5.2)
      rack (>= 1.3.0)
      rack-accept
      rack-mount
      virtus (>= 1.0.0)

GEM
  remote: https://rubygems.org/
  specs:
    activesupport (4.2.0)
      i18n (~> 0.7)
      json (~> 1.7, >= 1.7.7)
      minitest (~> 5.1)
      thread_safe (~> 0.3, >= 0.3.4)
      tzinfo (~> 1.1)
    addressable (2.3.5)
    axiom-types (0.1.1)
      descendants_tracker (~> 0.0.4)
      ice_nine (~> 0.11.0)
      thread_safe (~> 0.3, >= 0.3.1)
    beefcake (0.3.7)
    builder (3.2.2)
    ci_reporter (1.7.0)
      builder (>= 2.1.2)
    codeclimate-test-reporter (0.3.0)
      simplecov (>= 0.7.1, < 1.0.0)
    coercible (1.0.0)
      descendants_tracker (~> 0.0.1)
    cookiejar (0.3.0)
    crack (0.4.1)
      safe_yaml (~> 0.9.0)
    daemons (1.2.3)
    descendants_tracker (0.0.4)
      thread_safe (~> 0.3, >= 0.3.1)
    diff-lcs (1.2.4)
    docile (1.1.5)
    em-http-request (1.0.3)
      addressable (>= 2.2.3)
      cookiejar
      em-socksify
      eventmachine (>= 1.0.0.beta.4)
      http_parser.rb (>= 0.5.3)
    em-socksify (0.2.1)
      eventmachine (>= 1.0.0.beta.4)
    em-synchrony (1.0.3)
      eventmachine (>= 1.0.0.beta.1)
    equalizer (0.0.9)
    eventmachine (1.0.8)
    ffi (1.0.11)
    fluent-logger (0.4.5)
      msgpack (= 0.4.7)
      yajl-ruby (~> 1.0)
    foreman (0.61.0)
      thor (>= 0.13.6)
    hashie (3.4.0)
    http_parser.rb (0.5.3)
    httpclient (2.3.4.1)
    i18n (0.7.0)
    ice_nine (0.11.1)
    json (1.8.1)
    json_pure (1.8.2)
    loggregator_emitter (3.0.0)
      beefcake (~> 0.3.7)
    membrane (1.1.0)
    mime-types (2.1)
    mini_portile (0.6.0)
    minitest (5.5.1)
    msgpack (0.4.7)
    multi_json (1.10.1)
    multi_xml (0.5.5)
    multipart-post (2.0.0)
    nats (0.5.1)
      daemons (~> 1.1, >= 1.2.2)
      eventmachine (~> 1.0, >= 1.0.7)
      json_pure (~> 1.8, >= 1.8.1)
      thin (~> 1.6, >= 1.6.3)
    net-ssh (2.2.2)
    nokogiri (1.6.2.1)
      mini_portile (= 0.6.0)
    patron (0.4.18)
    posix-spawn (0.3.8)
    rack (1.6.4)
    rack-accept (0.4.5)
      rack (>= 0.4)
    rack-mount (0.8.3)
      rack (>= 1.0.0)
    rack-protection (1.4.0)
      rack
    rack-test (0.6.1)
      rack (>= 1.0)
    rake (10.0.3)
    rspec (2.14.1)
      rspec-core (~> 2.14.0)
      rspec-expectations (~> 2.14.0)
      rspec-mocks (~> 2.14.0)
    rspec-core (2.14.7)
    rspec-expectations (2.14.3)
      diff-lcs (>= 1.1.3, < 2.0)
    rspec-fire (1.3.0)
      rspec (>= 2.11, < 4)
    rspec-mocks (2.14.4)
    rubyzip (1.1.0)
    safe_yaml (0.9.7)
    simplecov (0.9.0)
      docile (~> 1.1.0)
      multi_json
      simplecov-html (~> 0.8.0)
    simplecov-html (0.8.0)
    sinatra (1.3.5)
      rack (~> 1.4)
      rack-protection (~> 1.3)
      tilt (~> 1.3, >= 1.3.3)
    squash_ruby (1.4.0)
      json
    steno (1.1.0)
      fluent-logger
      grape
      yajl-ruby (~> 1.0)
    sys-filesystem (1.0.0)
      ffi (>= 1.0.0)
    thin (1.6.3)
      daemons (~> 1.0, >= 1.0.9)
      eventmachine (~> 1.0)
      rack (~> 1.0)
    thor (0.15.4)
    thread_safe (0.3.4)
    tilt (1.3.4)
    timecop (0.7.1)
    tzinfo (1.2.2)
      thread_safe (~> 0.1)
    uuidtools (2.1.3)
    vcap_common (4.0.2)
      addressable (~> 2.2)
      cookiejar (<= 0.3.0)
      em-http-request (~> 1.0)
      eventmachine
      httpclient
      membrane (~> 1.0)
      mime-types
      multipart-post
      nats (>= 0.5.0.beta.12, < 0.6)
      posix-spawn (~> 0.3.6)
      squash_ruby
      steno
      thin
      uuidtools
      vmstat (~> 2.0)
      yajl-ruby
    virtus (1.0.4)
      axiom-types (~> 0.1)
      coercible (~> 1.0)
      descendants_tracker (~> 0.0, >= 0.0.3)
      equalizer (~> 0.0, >= 0.0.9)
    vmstat (2.0.0)
    webmock (1.15.2)
      addressable (>= 2.2.7)
      crack (>= 0.3.2)
    yajl-ruby (1.2.1)

PLATFORMS
  ruby

DEPENDENCIES
  ci_reporter
  codeclimate-test-reporter
  em-http-request
  em-synchrony
  em-warden-client!
  eventmachine (~> 1.0.3)
  foreman
  grape!
  loggregator_emitter
  nats (>= 0.5.0, < 0.6)
  net-ssh
  nokogiri (~> 1.6.2)
  patron
  rack
  rack-test
  rake
  rspec
  rspec-fire
  rubyzip
  sinatra
  steno (~> 1.1.0)
  sys-filesystem
  thin
  timecop
  uuidtools
  vcap_common
  vmstat
  warden-client!
  warden-protocol!
  webmock
  yajl-ruby

BUNDLED WITH
   1.10.6
